GEM
  remote: http://rubygems.org/
  specs:
    albino (1.3.3)
      posix-spawn (>= 0.3.6)
    diff-lcs (1.1.3)
    growl (1.0.3)
    guard (0.6.3)
      thor (~> 0.14.6)
    guard-bundler (0.1.3)
      bundler (>= 1.0.0)
      guard (>= 0.2.2)
    guard-rspec (0.4.5)
      guard (>= 0.4.0)
    metaclass (0.0.1)
    mocha (0.10.0)
      metaclass (~> 0.0.1)
    nokogiri (1.5.0)
    pdfkit (0.5.2)
    posix-spawn (0.3.6)
    rb-fsevent (0.4.3.1)
    redcarpet (1.17.2)
    rspec (2.6.0)
      rspec-core (~> 2.6.0)
      rspec-expectations (~> 2.6.0)
      rspec-mocks (~> 2.6.0)
    rspec-core (2.6.4)
    rspec-expectations (2.6.0)
      diff-lcs (~> 1.1.2)
    rspec-mocks (2.6.0)
    ruby-growl (3.0)
    thor (0.14.6)

PLATFORMS
  ruby

DEPENDENCIES
  albino (~> 1.3.3)
  growl
  guard (~> 0.6.2)
  guard-bundler (~> 0.1.3)
  guard-rspec (~> 0.4.3)
  mocha (~> 0.10.0)
  nokogiri (~> 1.5.0)
  pdfkit (~> 0.5.2)
  rb-fsevent
  redcarpet (~> 1.17.2)
  rspec (~> 2.6.0)
  ruby-growl
